GIT
  remote: https://github.com/igal/paper_trail_manager.git
  revision: 4622a940673c5390ae05be1cd6ec5dac773e7e59
  specs:
    paper_trail_manager (0.2.0)
      paper_trail (~> 2.0)
      rails (~> 3.0)
      rake
      will_paginate (~> 3.0.pre2)

GEM
  remote: http://rubygems.org/
  specs:
    Platform (0.4.0)
    abstract (1.0.0)
    actionmailer (3.0.9)
      actionpack (= 3.0.9)
      mail (~> 2.2.19)
    actionpack (3.0.9)
      activemodel (= 3.0.9)
      activesupport (= 3.0.9)
      builder (~> 2.1.2)
      erubis (~> 2.6.6)
      i18n (~> 0.5.0)
      rack (~> 1.2.1)
      rack-mount (~> 0.6.14)
      rack-test (~> 0.5.7)
      tzinfo (~> 0.3.23)
    activemodel (3.0.9)
      activesupport (= 3.0.9)
      builder (~> 2.1.2)
      i18n (~> 0.5.0)
    activerecord (3.0.9)
      activemodel (= 3.0.9)
      activesupport (= 3.0.9)
      arel (~> 2.0.10)
      tzinfo (~> 0.3.23)
    activeresource (3.0.9)
      activemodel (= 3.0.9)
      activesupport (= 3.0.9)
    activesupport (3.0.9)
    acts-as-taggable-on (2.0.6)
    addressable (2.2.4)
    annotate (2.4.0)
    archive-tar-minitar (0.5.2)
    arel (2.0.10)
    awesome_print (0.4.0)
    aws-s3 (0.6.2)
      builder
      mime-types
      xml-simple
    bcrypt-ruby (3.1.2)
    builder (2.1.2)
    capybara (0.4.1.2)
      celerity (>= 0.7.9)
      culerity (>= 0.2.4)
      mime-types (>= 1.16)
      nokogiri (>= 1.3.3)
      rack (>= 1.0.0)
      rack-test (>= 0.5.4)
      selenium-webdriver (>= 0.0.27)
      xpath (~> 0.1.3)
    celerity (0.9.0)
    childprocess (0.2.1)
      ffi (~> 1.0.6)
    cocaine (0.2.0)
    columnize (0.3.6)
    compass (0.10.6)
      haml (>= 3.0.4)
    compass-960-plugin (0.9.13)
      compass (>= 0.10.0.rc3)
    crack (0.1.8)
    culerity (0.2.15)
    database_cleaner (0.6.7)
    devise (1.4.9)
      bcrypt-ruby (~> 3.0)
      orm_adapter (~> 0.0.3)
      warden (~> 1.0.3)
    diff-lcs (1.1.2)
    drx (0.4.5)
    erubis (2.6.6)
      abstract (>= 1.0.0)
    factory_girl (2.0.4)
    factory_girl_rails (1.1.0)
      factory_girl (~> 2.0.0)
      railties (>= 3.0.0)
    faker (0.9.5)
      i18n (~> 0.4)
    fakeweb (1.3.0)
    faraday (0.8.8)
      multipart-post (~> 1.2.0)
    ffi (1.0.9)
    formtastic (1.1.0)
      actionpack (>= 2.3.0)
      activesupport (>= 2.3.0)
      i18n (>= 0.4.0)
    friendly_id4 (4.0.0.beta3)
    geocoder (1.1.3)
    haml (3.1.2)
    has_scope (0.5.1)
    hashie (2.0.5)
    heroku (2.4.2)
      launchy (>= 0.3.2)
      rest-client (~> 1.6.1)
      term-ansicolor (~> 1.0.5)
    httparty (0.7.8)
      crack (= 0.1.8)
    httpauth (0.2.0)
    i18n (0.5.0)
    inherited_resources (1.2.2)
      has_scope (~> 0.5.0)
      responders (~> 0.6.0)
    jquery-rails (1.0.13)
      railties (~> 3.0)
      thor (~> 0.14)
    json (1.4.6)
    json_builder (2.0.6)
      actionpack (~> 3.0.0)
      activesupport (~> 3.0.0)
      json
    json_pure (1.5.3)
    jwt (0.1.8)
      multi_json (>= 1.5)
    launchy (2.0.3)
    linecache19 (0.5.12)
      ruby_core_source (>= 0.1.4)
    macaddr (1.4.0)
      systemu (~> 2.2.0)
    mail (2.2.19)
      activesupport (>= 2.3.6)
      i18n (>= 0.4.0)
      mime-types (~> 1.16)
      treetop (~> 1.4.8)
    mime-types (1.16)
    mocha (0.9.12)
    multi_json (1.8.0)
    multipart-post (1.2.0)
    net-dns (0.6.1)
    nifty-generators (0.4.6)
    nokogiri (1.4.7)
    oauth (0.4.7)
    oauth2 (0.8.1)
      faraday (~> 0.8)
      httpauth (~> 0.1)
      jwt (~> 0.1.4)
      multi_json (~> 1.0)
      rack (~> 1.2)
    omniauth (1.1.4)
      hashie (>= 1.2, < 3)
      rack
    omniauth-facebook (1.4.1)
      omniauth-oauth2 (~> 1.1.0)
    omniauth-foursquare (0.0.8)
      omniauth (~> 1.0)
      omniauth-oauth2 (~> 1.0)
    omniauth-github (1.1.1)
      omniauth (~> 1.0)
      omniauth-oauth2 (~> 1.1)
    omniauth-google-apps (0.0.2)
      omniauth (~> 1.0)
      omniauth-openid (~> 1.0)
      ruby-openid-apps-discovery (~> 1.2.0)
    omniauth-linkedin (0.1.0)
      omniauth-oauth (~> 1.0)
    omniauth-oauth (1.0.1)
      oauth
      omniauth (~> 1.0)
    omniauth-oauth2 (1.1.1)
      oauth2 (~> 0.8.0)
      omniauth (~> 1.0)
    omniauth-openid (1.0.1)
      omniauth (~> 1.0)
      rack-openid (~> 1.3.1)
    omniauth-twitter (1.0.0)
      multi_json (~> 1.3)
      omniauth-oauth (~> 1.0)
    orm_adapter (0.0.7)
    paper_trail (2.2.9)
      rails (~> 3)
    paperclip (2.3.16)
      activerecord (>= 2.3.0)
      activesupport (>= 2.3.2)
      cocaine (>= 0.0.2)
      mime-types
    pg (0.11.0)
    polyglot (0.3.2)
    powder (0.1.6)
      thor (>= 0.11.5)
    rack (1.2.3)
    rack-jsonp (1.2.0)
      rack
    rack-mount (0.6.14)
      rack (>= 1.0.0)
    rack-openid (1.3.1)
      rack (>= 1.1.0)
      ruby-openid (>= 2.1.8)
    rack-test (0.5.7)
      rack (>= 1.0)
    rails (3.0.9)
      actionmailer (= 3.0.9)
      actionpack (= 3.0.9)
      activerecord (= 3.0.9)
      activeresource (= 3.0.9)
      activesupport (= 3.0.9)
      bundler (~> 1.0)
      railties (= 3.0.9)
    railties (3.0.9)
      actionpack (= 3.0.9)
      activesupport (= 3.0.9)
      rake (>= 0.8.7)
      rdoc (~> 3.4)
      thor (~> 0.14.4)
    rake (0.9.2)
    rcov (0.9.10)
    rdoc (3.9.2)
    redfinger (0.1.0)
      hashie
      nokogiri (>= 1.4.0)
      rest-client (>= 1.5.0)
    responders (0.6.4)
    rest-client (1.6.3)
      mime-types (>= 1.16)
    rspec (2.5.0)
      rspec-core (~> 2.5.0)
      rspec-expectations (~> 2.5.0)
      rspec-mocks (~> 2.5.0)
    rspec-core (2.5.2)
    rspec-expectations (2.5.0)
      diff-lcs (~> 1.1.2)
    rspec-mocks (2.5.0)
    rspec-rails (2.5.0)
      actionpack (~> 3.0)
      activesupport (~> 3.0)
      railties (~> 3.0)
      rspec (~> 2.5.0)
    ruby-debug-base19 (0.11.25)
      columnize (>= 0.3.1)
      linecache19 (>= 0.5.11)
      ruby_core_source (>= 0.1.4)
    ruby-debug19 (0.11.6)
      columnize (>= 0.3.1)
      linecache19 (>= 0.5.11)
      ruby-debug-base19 (>= 0.11.19)
    ruby-openid (2.1.8)
    ruby-openid-apps-discovery (1.2.0)
      ruby-openid (>= 2.1.7)
    ruby_core_source (0.1.5)
      archive-tar-minitar (>= 0.5.2)
    rubyzip (0.9.4)
    sass (3.1.7)
    selenium-webdriver (2.4.0)
      childprocess (>= 0.2.1)
      ffi (>= 1.0.7)
      json_pure
      rubyzip
    spork (0.9.0.rc9)
    sqlite3 (1.3.6)
    sqlite3-ruby (1.3.3)
      sqlite3 (>= 1.3.3)
    steak (1.1.0)
      rspec (>= 1.3)
    systemu (2.2.0)
    term-ansicolor (1.0.6)
    thor (0.14.6)
    treetop (1.4.10)
      polyglot
      polyglot (>= 0.3.1)
    tzinfo (0.3.29)
    utility_belt (1.1.0)
      Platform (>= 0.4.0)
      aws-s3 (>= 0.4.0)
      wirble (>= 0.1.2)
    uuid (2.3.3)
      macaddr (~> 1.0)
    warden (1.0.6)
      rack (>= 1.0)
    will_paginate (3.0.0)
    wirble (0.1.3)
    xml-simple (1.1.0)
    xpath (0.1.4)
      nokogiri (~> 1.3)

PLATFORMS
  ruby

DEPENDENCIES
  acts-as-taggable-on (~> 2.0.6)
  addressable (~> 2.2.4)
  annotate
  awesome_print
  aws-s3
  capybara (~> 0.4.0)
  compass (~> 0.10.5)
  compass-960-plugin (~> 0.9.13)
  database_cleaner
  devise (~> 1.4.5)
  drx
  factory_girl_rails
  faker
  fakeweb
  formtastic (~> 1.1.0)
  friendly_id4 (= 4.0.0.beta3)
  geocoder
  haml (~> 3.1.2)
  heroku
  httparty (~> 0.7.4)
  inherited_resources (~> 1.2.1)
  jquery-rails (>= 0.2.6)
  json (~> 1.4.6)
  json_builder
  launchy
  mocha
  net-dns (~> 0.6.1)
  nifty-generators
  omniauth (~> 1.1)
  omniauth-facebook
  omniauth-foursquare
  omniauth-github
  omniauth-google-apps
  omniauth-linkedin
  omniauth-openid
  omniauth-twitter
  paper_trail (~> 2)
  paper_trail_manager!
  paperclip (~> 2.3)
  pg
  powder
  rack-jsonp (~> 1.2.0)
  rails (= 3.0.9)
  rake (= 0.9.2)
  rcov
  redfinger
  responders (~> 0.6.2)
  rspec-rails (>= 2.0.0.beta.22)
  ruby-debug19
  ruby-openid (~> 2.1.8)
  sass (~> 3.1.4)
  spork
  sqlite3-ruby
  steak (= 1.1.0)
  utility_belt
  uuid
  will_paginate (~> 3.0.beta)
  wirble
